PATH
  remote: .
  specs:
    health-data-standards (3.1.1)
      activesupport (~> 3.2.9)
      builder (~> 3.0.0)
      erubis (~> 2.7.0)
      log4r (~> 1.1.10)
      memoist (~> 0.9.0)
      mongoid (~> 3.1.0)
      nokogiri (~> 1.5.5)
      rest-client (~> 1.6.7)
      rubyzip
      uuid (~> 2.3.5)

GEM
  remote: http://rubygems.org/
  specs:
    activemodel (3.2.13)
      activesupport (= 3.2.13)
      builder (~> 3.0.0)
    activesupport (3.2.13)
      i18n (= 0.6.1)
      multi_json (~> 1.0)
    addressable (2.3.3)
    ansi (1.4.3)
    awesome_print (1.1.0)
    builder (3.0.4)
    cane (2.3.0)
      parallel
    coderay (1.0.9)
    crack (0.3.2)
    erubis (2.7.0)
    factory_girl (4.1.0)
      activesupport (>= 3.0.0)
    i18n (0.6.1)
    log4r (1.1.10)
    log_switch (0.4.0)
    macaddr (1.6.1)
      systemu (~> 2.5.0)
    memoist (0.9.0)
    method_source (0.8.1)
    mime-types (1.23)
    minitest (4.7.0)
    mongoid (3.1.3)
      activemodel (~> 3.2)
      moped (~> 1.4.2)
      origin (~> 1.0)
      tzinfo (~> 0.3.22)
    moped (1.4.5)
    multi_json (1.7.2)
    nokogiri (1.5.9)
    origin (1.0.11)
    parallel (0.6.4)
    pry (0.9.12)
      coderay (~> 1.0.5)
      method_source (~> 0.8)
      slop (~> 3.4)
    pry-nav (0.2.3)
      pry (~> 0.9.10)
    rake (10.0.4)
    rest-client (1.6.7)
      mime-types (>= 1.16)
    rubyzip (0.9.9)
    simplecov (0.7.1)
      multi_json (~> 1.0)
      simplecov-html (~> 0.7.1)
    simplecov-html (0.7.1)
    slop (3.4.4)
    systemu (2.5.2)
    tailor (1.1.5)
      log_switch (>= 0.3.0)
      term-ansicolor (>= 1.0.5)
      text-table (>= 1.2.2)
    term-ansicolor (1.1.4)
    text-table (1.2.2)
    turn (0.9.6)
      ansi
    tzinfo (0.3.37)
    uuid (2.3.7)
      macaddr (~> 1.0)
    webmock (1.11.0)
      addressable (>= 2.2.7)
      crack (>= 0.3.2)

PLATFORMS
  ruby

DEPENDENCIES
  awesome_print
  cane (~> 2.3.0)
  factory_girl (~> 4.1.0)
  health-data-standards!
  minitest
  pry (~> 0.9.10)
  pry-nav (~> 0.2.2)
  rake
  simplecov
  tailor (~> 1.1.2)
  turn
  webmock
